GEM
  remote: https://rubygems.org/
  specs:
    aws-eventstream (1.0.3)
    aws-partitions (1.175.0)
    aws-record (2.3.0)
      aws-sdk-dynamodb (~> 1.18)
    aws-sdk-core (3.55.0)
      aws-eventstream (~> 1.0, >= 1.0.2)
      aws-partitions (~> 1.0)
      aws-sigv4 (~> 1.1)
      jmespath (~> 1.0)
    aws-sdk-dynamodb (1.30.0)
      aws-sdk-core (~> 3, >= 3.53.0)
      aws-sigv4 (~> 1.1)
    aws-sigv4 (1.1.0)
      aws-eventstream (~> 1.0, >= 1.0.2)
    dotenv (2.5.0)
    irb (1.0.0)
    jmespath (1.4.0)
    mini_portile2 (2.6.1)
    nokogiri (1.12.5)
      mini_portile2 (~> 2.6.1)
      racc (~> 1.4)
    racc (1.5.2)
    ruby_http_client (3.3.0)
    sendgrid-ruby (6.0.0)
      ruby_http_client (~> 3.3.0)

PLATFORMS
  ruby

DEPENDENCIES
  aws-record (~> 2)
  dotenv
  irb
  nokogiri (>= 1.10.4)
  sendgrid-ruby

BUNDLED WITH
   1.17.3
